GEM
  remote: https://rubygems.org/
  specs:
    cairo (1.14.3)
      pkg-config (>= 1.1.5)
    gdk_pixbuf2 (3.0.7)
      glib2 (= 3.0.7)
    glib2 (3.0.7)
      pkg-config
    haml (4.0.7)
      tilt
    mini_magick (4.3.6)
    newrelic_rpm (3.14.3.313)
    pkg-config (1.1.7)
    rack (1.6.4)
    rack-protection (1.5.3)
      rack
    rsvg2 (3.0.7)
      cairo (>= 1.12.8)
      gdk_pixbuf2 (= 3.0.7)
    sinatra (1.4.6)
      rack (~> 1.4)
      rack-protection (~> 1.4)
      tilt (>= 1.3, < 3)
    tilt (2.0.2)

PLATFORMS
  ruby

DEPENDENCIES
  haml
  mini_magick
  newrelic_rpm
  rsvg2
  sinatra

BUNDLED WITH
   1.11.2
